GEM
  remote: http://rubygems.org/
  specs:
    open4 (1.3.0)
    redis (3.0.4)

PLATFORMS
  ruby

DEPENDENCIES
  open4
  redis
